GEM
  remote: https://rubygems.org/
  specs:
    saklient (0.0.10)

PLATFORMS
  universal-darwin-20

DEPENDENCIES
  saklient (~> 0.0.10)

BUNDLED WITH
   2.2.22
